GEM
  remote: http://rubygems.org/
  specs:
    crack (0.1.8)
    json (1.5.4)
    multi_json (1.0.3)
    pusher (0.8.2)
      crack (~> 0.1.0)
      multi_json (~> 1.0)
      ruby-hmac (~> 0.4.0)
      signature (~> 0.1.2)
    rack (1.3.2)
    ruby-hmac (0.4.0)
    sass (3.1.7)
    signature (0.1.2)
      ruby-hmac
    sinatra (1.2.6)
      rack (~> 1.1)
      tilt (< 2.0, >= 1.2.2)
    tilt (1.3.3)
    xmpp4r (0.5)
    xmpp4r-simple (0.8.8)
      xmpp4r (>= 0.3.2)

PLATFORMS
  ruby

DEPENDENCIES
  json
  pusher
  sass
  sinatra
  xmpp4r-simple
