GEM
  remote: http://rubygems.org/
  specs:
    coffee-script (2.2.0)
      coffee-script-source
      execjs
    coffee-script-source (1.1.2)
    crack (0.1.8)
    execjs (1.2.4)
      multi_json (~> 1.0)
    json (1.5.4)
    multi_json (1.0.3)
    pusher (0.8.2)
      crack (~> 0.1.0)
      multi_json (~> 1.0)
      ruby-hmac (~> 0.4.0)
      signature (~> 0.1.2)
    rack (1.3.2)
    ruby-hmac (0.4.0)
    sass (3.1.7)
    signature (0.1.2)
      ruby-hmac
    sinatra (1.2.6)
      rack (~> 1.1)
      tilt (< 2.0, >= 1.2.2)
    tilt (1.3.3)

PLATFORMS
  ruby

DEPENDENCIES
  coffee-script
  json
  pusher
  sass
  sinatra
